GEM
  remote: http://rubygems.org/
  specs:
    aws-sdk (1.5.2)
      httparty (~> 0.7)
      json (~> 1.4)
      nokogiri (>= 1.4.4)
      uuidtools (~> 2.1)
    diff-lcs (1.1.3)
    httparty (0.8.3)
      multi_json (~> 1.0)
      multi_xml
    json (1.7.3)
    multi_json (1.3.5)
    multi_xml (0.5.1)
    nokogiri (1.5.2)
    rack (1.4.1)
    rack-test (0.6.1)
      rack (>= 1.0)
    rake (0.9.2.2)
    rspec (2.10.0)
      rspec-core (~> 2.10.0)
      rspec-expectations (~> 2.10.0)
      rspec-mocks (~> 2.10.0)
    rspec-core (2.10.1)
    rspec-expectations (2.10.0)
      diff-lcs (~> 1.1.3)
    rspec-mocks (2.10.1)
    rubygems-bundler (1.0.2)
    rvm (1.11.3.3)
    uuidtools (2.1.2)
    webrat (0.7.1)
      nokogiri (>= 1.2.0)
      rack (>= 1.0)
      rack-test (>= 0.5.3)

PLATFORMS
  ruby

DEPENDENCIES
  aws-sdk (= 1.5.2)
  bundler (= 1.1.3)
  rake (= 0.9.2.2)
  rspec (= 2.10.0)
  rspec-core (= 2.10.1)
  rspec-mocks (= 2.10.1)
  rubygems-bundler (= 1.0.2)
  rvm (= 1.11.3.3)
  webrat (= 0.7.1)
