GEM
  remote: http://rubygems.org/
  specs:
    CloudyScripts (2.14.52)
      amazon-ec2
      net-scp
      net-ssh
    amazon-ec2 (0.9.17)
      xml-simple (>= 1.0.12)
    awesome_print (1.0.2)
    aws-sdk (1.5.2)
      httparty (~> 0.7)
      json (~> 1.4)
      nokogiri (>= 1.4.4)
      uuidtools (~> 2.1)
    certified (0.1.0)
    curl (0.0.9)
      awesome_print (>= 0.2.1)
      unidecoder (>= 1.1.1)
    diff-lcs (1.1.3)
    http (0.2.0)
      certified
    httparty (0.8.3)
      multi_json (~> 1.0)
      multi_xml
    json (1.7.3)
    multi_json (1.3.5)
    multi_xml (0.5.1)
    net-scp (1.0.4)
      net-ssh (>= 1.99.1)
    net-ssh (2.5.2)
    nokogiri (1.5.2)
    rack (1.4.1)
    rack-test (0.6.1)
      rack (>= 1.0)
    rake (0.9.2.2)
    rspec (2.10.0)
      rspec-core (~> 2.10.0)
      rspec-expectations (~> 2.10.0)
      rspec-mocks (~> 2.10.0)
    rspec-core (2.10.1)
    rspec-expectations (2.10.0)
      diff-lcs (~> 1.1.3)
    rspec-mocks (2.10.1)
    rubygems-bundler (1.0.2)
    rvm (1.11.3.3)
    unidecoder (1.1.1)
    uuidtools (2.1.2)
    webrat (0.7.1)
      nokogiri (>= 1.2.0)
      rack (>= 1.0)
      rack-test (>= 0.5.3)
    xml-simple (1.1.1)

PLATFORMS
  ruby

DEPENDENCIES
  CloudyScripts (~> 2.14.52)
  aws-sdk (= 1.5.2)
  bundler (= 1.1.3)
  curl (= 0.0.9)
  http (= 0.2.0)
  rake (= 0.9.2.2)
  rspec (= 2.10.0)
  rspec-core (= 2.10.1)
  rspec-mocks (= 2.10.1)
  rubygems-bundler (= 1.0.2)
  rvm (= 1.11.3.3)
  webrat (= 0.7.1)
